PATH
  remote: .
  specs:
    feedx (0.5.0)
      bfs (>= 0.3.4)

GEM
  remote: https://rubygems.org/
  specs:
    ast (2.4.0)
    bfs (0.3.6)
    diff-lcs (1.3)
    google-protobuf (3.7.0.rc.2)
    jaro_winkler (1.5.2)
    parallel (1.13.0)
    parser (2.6.0.0)
      ast (~> 2.4.0)
    pbio (0.1.0)
      google-protobuf
    powerpack (0.1.2)
    rainbow (3.0.0)
    rake (12.3.2)
    rspec (3.8.0)
      rspec-core (~> 3.8.0)
      rspec-expectations (~> 3.8.0)
      rspec-mocks (~> 3.8.0)
    rspec-core (3.8.0)
      rspec-support (~> 3.8.0)
    rspec-expectations (3.8.2)
      diff-lcs (>= 1.2.0, < 2.0)
      rspec-support (~> 3.8.0)
    rspec-mocks (3.8.0)
      diff-lcs (>= 1.2.0, < 2.0)
      rspec-support (~> 3.8.0)
    rspec-support (3.8.0)
    rubocop (0.63.1)
      jaro_winkler (~> 1.5.1)
      parallel (~> 1.10)
      parser (>= 2.5, != 2.5.1.1)
      powerpack (~> 0.1)
      rainbow (>= 2.2.2, < 4.0)
      ruby-progressbar (~> 1.7)
      unicode-display_width (~> 1.4.0)
    ruby-progressbar (1.10.0)
    unicode-display_width (1.4.1)

PLATFORMS
  ruby

DEPENDENCIES
  bundler
  feedx!
  google-protobuf (>= 3.7.0.pre.rc2)
  pbio
  rake
  rspec
  rubocop

BUNDLED WITH
   1.17.3
